PATH
  remote: .
  specs:
    balikobot_api (0.1.0)
      faraday (~> 0.9, >= 0.9.0)
      faraday_middleware (~> 0.12.2)

GEM
  remote: https://rubygems.org/
  specs:
    faraday (0.15.2)
      multipart-post (>= 1.2, < 3)
    faraday_middleware (0.12.2)
      faraday (>= 0.7.4, < 1.0)
    minitest (5.11.3)
    multipart-post (2.0.0)
    rake (13.0.3)

PLATFORMS
  ruby

DEPENDENCIES
  balikobot_api!
  bundler (~> 1.16)
  minitest (~> 5.0)
  rake (~> 13.0)

BUNDLED WITH
   1.16.2
